GEM
  remote: https://rubygems.org/
  specs:
    rake (10.2.2)
    xcpretty (0.1.4)

PLATFORMS
  ruby

DEPENDENCIES
  rake
  xcpretty
